PATH
  remote: .
  specs:
    valise (0.8.2)

GEM
  remote: http://rubygems.org/
  specs:
    chunky_png (1.2.6)
    compass (0.12.2)
      chunky_png (~> 1.2)
      fssm (>= 0.2.7)
      sass (~> 3.1)
    corundum (0.0.25)
      bundler
      compass (>= 0.12.1)
      mailfactory (~> 1.4.0)
      mattock (>= 0.3.0)
      nokogiri
      rake-rubygems (>= 0.2.0)
      rdoc
      rspec (>= 2.0)
      sass (>= 3.1)
      simplecov (>= 0.5.4)
      yard
    diff-lcs (1.1.3)
    fssm (0.2.9)
    json (1.7.5)
    mailfactory (1.4.0)
      mime-types (>= 1.13.1)
    mattock (0.3.4)
      tilt (> 0)
      valise (>= 0.6)
    mime-types (1.19)
    multi_json (1.5.0)
    nokogiri (1.5.6)
    rake (10.0.3)
    rake-rubygems (0.2.0)
      rake (>= 0.8.7)
    rdoc (3.12)
      json (~> 1.4)
    rspec (2.12.0)
      rspec-core (~> 2.12.0)
      rspec-expectations (~> 2.12.0)
      rspec-mocks (~> 2.12.0)
    rspec-core (2.12.2)
    rspec-expectations (2.12.1)
      diff-lcs (~> 1.1.3)
    rspec-mocks (2.12.1)
    sass (3.2.4)
    simplecov (0.7.1)
      multi_json (~> 1.0)
      simplecov-html (~> 0.7.1)
    simplecov-html (0.7.1)
    tilt (1.3.3)
    yard (0.8.3)

PLATFORMS
  ruby

DEPENDENCIES
  corundum
  valise!
