PATH
  remote: .
  specs:
    valise (1.2.0)

GEM
  remote: http://rubygems.org/
  specs:
    byebug (3.5.1)
      columnize (~> 0.8)
      debugger-linecache (~> 1.2)
      slop (~> 3.6)
    cadre (0.2.0)
      thor (~> 0.18.1)
      tilt (~> 1.0)
      valise (~> 1.0)
    chunky_png (1.3.5)
    columnize (0.9.0)
    compass (1.0.3)
      chunky_png (~> 1.2)
      compass-core (~> 1.0.2)
      compass-import-once (~> 1.0.5)
      rb-fsevent (>= 0.9.3)
      rb-inotify (>= 0.9)
      sass (>= 3.3.13, < 3.5)
    compass-core (1.0.3)
      multi_json (~> 1.0)
      sass (>= 3.3.0, < 3.5)
    compass-import-once (1.0.5)
      sass (>= 3.2, < 3.5)
    corundum (0.3.4)
      bundler
      compass (>= 0.12.1)
      mailfactory (~> 1.4.0)
      mattock (~> 0.7)
      nokogiri
      rdoc
      rspec (>= 2.0)
      simplecov (>= 0.5.4)
      tilt (< 2.0)
      yard
    debugger-linecache (1.2.0)
    diff-lcs (1.2.5)
    docile (1.1.5)
    ffi (1.9.10)
    fuubar (1.1.0)
      rspec (~> 2.0)
      rspec-instafail (~> 0.2.0)
      ruby-progressbar (~> 1.0.0)
    json (1.8.3)
    mailfactory (1.4.0)
      mime-types (>= 1.13.1)
    mattock (0.7.0)
      rake (~> 10.0)
      tilt (> 0)
      valise (>= 0.9.1)
    mime-types (3.0)
      mime-types-data (~> 3.2015)
    mime-types-data (3.2015.1120)
    mini_portile2 (2.0.0)
    multi_json (1.11.2)
    nokogiri (1.6.7.1)
      mini_portile2 (~> 2.0.0.rc2)
    rake (10.5.0)
    rb-fsevent (0.9.7)
    rb-inotify (0.9.5)
      ffi (>= 0.5.0)
    rdoc (4.2.1)
      json (~> 1.4)
    rspec (2.99.0)
      rspec-core (~> 2.99.0)
      rspec-expectations (~> 2.99.0)
      rspec-mocks (~> 2.99.0)
    rspec-core (2.99.2)
    rspec-expectations (2.99.2)
      diff-lcs (>= 1.1.3, < 2.0)
    rspec-instafail (0.2.4)
    rspec-mocks (2.99.4)
    ruby-progressbar (1.0.2)
    sass (3.4.21)
    simplecov (0.11.1)
      docile (~> 1.1.0)
      json (~> 1.8)
      simplecov-html (~> 0.10.0)
    simplecov-html (0.10.0)
    simplecov-json (0.2)
      json
      simplecov
    slop (3.6.0)
    thor (0.18.1)
    tilt (1.4.1)
    yard (0.8.7.6)

PLATFORMS
  ruby

DEPENDENCIES
  byebug
  cadre
  corundum
  fuubar
  simplecov-json
  tilt
  valise!

BUNDLED WITH
   1.10.6
