PATH
  remote: .
  specs:
    valise (0.4)

GEM
  remote: http://lrdesign:quiS6Nef@gems.lrdesign.com/
  remote: http://rubygems.org/
  specs:
    corundum (0.0.13)
      bundler (~> 1.0.0)
      mailfactory (~> 1.4.0)
      mattock (>= 0.1.2)
      nokogiri
      rake-rubygems (>= 0.2.0)
      rdoc
      rspec (>= 2.0)
      simplecov (>= 0.5.4)
      yard
    diff-lcs (1.1.3)
    json (1.6.5)
    mailfactory (1.4.0)
      mime-types (>= 1.13.1)
    mattock (0.1.3)
      tilt (> 0)
      valise (> 0)
    mime-types (1.17.2)
    multi_json (1.0.4)
    nokogiri (1.5.0)
    rake (0.9.2.2)
    rake-rubygems (0.2.0)
      rake (>= 0.8.7)
    rdoc (3.12)
      json (~> 1.4)
    rspec (2.8.0)
      rspec-core (~> 2.8.0)
      rspec-expectations (~> 2.8.0)
      rspec-mocks (~> 2.8.0)
    rspec-core (2.8.0)
    rspec-expectations (2.8.0)
      diff-lcs (~> 1.1.2)
    rspec-mocks (2.8.0)
    simplecov (0.5.4)
      multi_json (~> 1.0.3)
      simplecov-html (~> 0.5.3)
    simplecov-html (0.5.3)
    tilt (1.3.3)
    yard (0.7.5)

PLATFORMS
  ruby

DEPENDENCIES
  corundum (~> 0.0.1)
  valise!
