PATH
  remote: .
  specs:
    valise (1.0.0)

GEM
  remote: http://rubygems.org/
  specs:
    cadre (0.2.0)
      thor (~> 0.18.1)
      tilt (~> 1.0)
      valise (~> 1.0)
    chunky_png (1.2.9)
    compass (0.12.2)
      chunky_png (~> 1.2)
      fssm (>= 0.2.7)
      sass (~> 3.1)
    corundum (0.3.2)
      bundler
      compass (>= 0.12.1)
      mailfactory (~> 1.4.0)
      mattock (~> 0.7)
      nokogiri
      rdoc
      rspec (>= 2.0)
      sass (>= 3.1)
      simplecov (>= 0.5.4)
      yard
    diff-lcs (1.2.5)
    docile (1.1.0)
    fssm (0.2.10)
    fuubar (1.1.0)
      rspec (~> 2.0)
      rspec-instafail (~> 0.2.0)
      ruby-progressbar (~> 1.0.0)
    json (1.8.1)
    mailfactory (1.4.0)
      mime-types (>= 1.13.1)
    mattock (0.7.0)
      rake (~> 10.0)
      tilt (> 0)
      valise (>= 0.9.1)
    mime-types (2.0)
    mini_portile (0.5.2)
    multi_json (1.8.2)
    nokogiri (1.6.0)
      mini_portile (~> 0.5.0)
    rake (10.1.0)
    rdoc (4.0.1)
      json (~> 1.4)
    rspec (2.14.1)
      rspec-core (~> 2.14.0)
      rspec-expectations (~> 2.14.0)
      rspec-mocks (~> 2.14.0)
    rspec-core (2.14.7)
    rspec-expectations (2.14.4)
      diff-lcs (>= 1.1.3, < 2.0)
    rspec-instafail (0.2.4)
    rspec-mocks (2.14.4)
    ruby-progressbar (1.0.2)
    sass (3.2.12)
    simplecov (0.8.2)
      docile (~> 1.1.0)
      multi_json
      simplecov-html (~> 0.8.0)
    simplecov-html (0.8.0)
    thor (0.18.1)
    tilt (1.4.1)
    yard (0.8.7.3)

PLATFORMS
  ruby

DEPENDENCIES
  cadre
  corundum
  fuubar
  tilt
  valise!
